GIT
  remote: git@github.com:jmondo/chronic.git
  revision: 44e6196dc742518ade0e20a8c8f3ef969e3c55ed
  specs:
    chronic (0.8.0)

GEM
  remote: http://rubygems.org/
  specs:
    activemodel (3.2.22.1)
      activesupport (= 3.2.22.1)
      builder (~> 3.0.0)
    activerecord (3.2.22.1)
      activemodel (= 3.2.22.1)
      activesupport (= 3.2.22.1)
      arel (~> 3.0.2)
      tzinfo (~> 0.3.29)
    activesupport (3.2.22.1)
      i18n (~> 0.6, >= 0.6.4)
      multi_json (~> 1.0)
    arel (3.0.3)
    builder (3.0.4)
    coderay (1.0.7)
    concurrent-ruby (1.1.9)
    i18n (0.9.5)
      concurrent-ruby (~> 1.0)
    method_source (0.8)
    multi_json (1.15.0)
    pry (0.9.10)
      coderay (~> 1.0.5)
      method_source (~> 0.8)
      slop (~> 3.3.1)
    slop (3.3.3)
    sqlite3 (1.3.6)
    tzinfo (0.3.60)

PLATFORMS
  ruby

DEPENDENCIES
  activerecord
  chronic!
  pry
  sqlite3
